GEM
  remote: http://rubygems.org/
  specs:
    actionmailer (2.3.14)
      actionpack (= 2.3.14)
    actionpack (2.3.14)
      activesupport (= 2.3.14)
      rack (~> 1.1.0)
    activerecord (2.3.14)
      activesupport (= 2.3.14)
    activeresource (2.3.14)
      activesupport (= 2.3.14)
    activesupport (2.3.14)
    columnize (0.3.6)
    haml (3.1.4)
    i18n (0.3.7)
    json (1.5.3)
    jsonpretty (1.1.0)
    linecache (0.46)
      rbx-require-relative (> 0.0.4)
    rack (1.1.3)
    rails (2.3.14)
      actionmailer (= 2.3.14)
      actionpack (= 2.3.14)
      activerecord (= 2.3.14)
      activeresource (= 2.3.14)
      activesupport (= 2.3.14)
      rake (>= 0.8.3)
    rake (0.9.2.2)
    rbx-require-relative (0.0.5)
    rdoc (3.12)
      json (~> 1.4)
    ruby-debug (0.10.4)
      columnize (>= 0.1)
      ruby-debug-base (~> 0.10.4.0)
    ruby-debug-base (0.10.4)
      linecache (>= 0.3)
    simple-navigation (3.6.0)
      activesupport (>= 2.3.2)
    sqlite3 (1.3.5)

PLATFORMS
  ruby

DEPENDENCIES
  haml
  i18n (= 0.3.7)
  json (= 1.5.3)
  jsonpretty
  rails (= 2.3.14)
  rake (~> 0.9.2.2)
  rdoc (~> 3.12)
  ruby-debug
  simple-navigation
  sqlite3
